GIT
  remote: git://github.com/activeadmin/activeadmin.git
  revision: 5536b158bf0338ea54ffaa6ba7925e7da0a3a2af
  specs:
    activeadmin (1.0.0.pre2)
      arbre (~> 1.0, >= 1.0.2)
      bourbon
      coffee-rails
      formtastic (~> 3.1)
      formtastic_i18n
      inherited_resources (~> 1.6)
      jquery-rails
      jquery-ui-rails
      kaminari (~> 0.15)
      rails (>= 3.2, < 5.0)
      ransack (~> 1.3)
      sass-rails

GEM
  remote: https://rubygems.org/
  remote: https://rails-assets.org/
  specs:
    actionmailer (4.2.5)
      actionpack (= 4.2.5)
      actionview (= 4.2.5)
      activejob (= 4.2.5)
      mail (~> 2.5, >= 2.5.4)
      rails-dom-testing (~> 1.0, >= 1.0.5)
    actionpack (4.2.5)
      actionview (= 4.2.5)
      activesupport (= 4.2.5)
      rack (~> 1.6)
      rack-test (~> 0.6.2)
      rails-dom-testing (~> 1.0, >= 1.0.5)
      rails-html-sanitizer (~> 1.0, >= 1.0.2)
    actionview (4.2.5)
      activesupport (= 4.2.5)
      builder (~> 3.1)
      erubis (~> 2.7.0)
      rails-dom-testing (~> 1.0, >= 1.0.5)
      rails-html-sanitizer (~> 1.0, >= 1.0.2)
    activejob (4.2.5)
      activesupport (= 4.2.5)
      globalid (>= 0.3.0)
    activemodel (4.2.5)
      activesupport (= 4.2.5)
      builder (~> 3.1)
    activerecord (4.2.5)
      activemodel (= 4.2.5)
      activesupport (= 4.2.5)
      arel (~> 6.0)
    activesupport (4.2.5)
      i18n (~> 0.7)
      json (~> 1.7, >= 1.7.7)
      minitest (~> 5.1)
      thread_safe (~> 0.3, >= 0.3.4)
      tzinfo (~> 1.1)
    addressable (2.3.8)
    annotate (2.6.10)
      activerecord (>= 3.2, <= 4.3)
      rake (~> 10.4)
    appsignal (0.12.rc.7)
      rack
      thread_safe
    arbre (1.0.3)
      activesupport (>= 3.0.0)
    arel (6.0.3)
    autoprefixer-rails (6.1.0.1)
      execjs
      json
    aws-sdk (1.66.0)
      aws-sdk-v1 (= 1.66.0)
    aws-sdk-v1 (1.66.0)
      json (~> 1.4)
      nokogiri (>= 1.4.4)
    bcrypt (3.1.10)
    better_errors (2.1.1)
      coderay (>= 1.0.0)
      erubis (>= 2.6.6)
      rack (>= 0.9.0)
    binding_of_caller (0.7.2)
      debug_inspector (>= 0.0.1)
    bootstrap-datepicker-rails (1.4.0)
      railties (>= 3.0)
    bootstrap-sass (3.3.5.1)
      autoprefixer-rails (>= 5.0.0.1)
      sass (>= 3.3.0)
    bootstrap-switch-rails (3.3.3)
    bourbon (4.2.6)
      sass (~> 3.4)
      thor (~> 0.19)
    builder (3.2.2)
    byebug (8.2.0)
    capybara (2.5.0)
      mime-types (>= 1.16)
      nokogiri (>= 1.3.3)
      rack (>= 1.0.0)
      rack-test (>= 0.5.4)
      xpath (~> 2.0)
    celluloid (0.17.2)
      celluloid-essentials
      celluloid-extras
      celluloid-fsm
      celluloid-pool
      celluloid-supervision
      timers (>= 4.1.1)
    celluloid-essentials (0.20.5)
      timers (>= 4.1.1)
    celluloid-extras (0.20.5)
      timers (>= 4.1.1)
    celluloid-fsm (0.20.5)
      timers (>= 4.1.1)
    celluloid-pool (0.20.5)
      timers (>= 4.1.1)
    celluloid-supervision (0.20.5)
      timers (>= 4.1.1)
    childprocess (0.5.8)
      ffi (~> 1.0, >= 1.0.11)
    climate_control (0.0.3)
      activesupport (>= 3.0)
    cocaine (0.5.7)
      climate_control (>= 0.0.3, < 1.0)
    coderay (1.1.0)
    coffee-rails (4.1.0)
      coffee-script (>= 2.2.0)
      railties (>= 4.0.0, < 5.0)
    coffee-script (2.4.1)
      coffee-script-source
      execjs
    coffee-script-source (1.10.0)
    commonwatir (4.0.0)
    connection_pool (2.2.0)
    countries (0.9.3)
      currencies (~> 0.4.2)
    country_select (2.1.1)
      countries (>= 0.9.3, < 0.10.0)
    currencies (0.4.2)
    debug_inspector (0.0.2)
    devise (3.4.1)
      bcrypt (~> 3.0)
      orm_adapter (~> 0.1)
      railties (>= 3.2.6, < 5)
      responders
      thread_safe (~> 0.1)
      warden (~> 1.2.3)
    devise-i18n (0.11.4)
    devise-i18n-views (0.3.6)
    devise_invitable (1.3.6)
      actionmailer (>= 3.2.6, < 5)
      devise (>= 3.2.0)
    diff-lcs (1.2.5)
    domain_name (0.5.25)
      unf (>= 0.0.5, < 1.0.0)
    enumerize (0.10.1)
      activesupport (>= 3.2)
    erubis (2.7.0)
    execjs (2.6.0)
    factory_girl (4.5.0)
      activesupport (>= 3.0.0)
    factory_girl_rails (4.5.0)
      factory_girl (~> 4.5.0)
      railties (>= 3.0.0)
    faker (1.5.0)
      i18n (~> 0.5)
    faraday (0.9.2)
      multipart-post (>= 1.2, < 3)
    ffi (1.9.10)
    figaro (1.1.1)
      thor (~> 0.14)
    font-awesome-sass (4.3.2.1)
      sass (~> 3.2)
    formatador (0.2.5)
    formtastic (3.1.3)
      actionpack (>= 3.2.13)
    formtastic_i18n (0.4.1)
    fullcalendar-rails (2.3.1.0)
      jquery-rails (>= 3.1.1, < 5.0.0)
      momentjs-rails (~> 2.8, >= 2.8.4)
    geocoder (1.2.12)
    geocomplete_rails (1.6.5)
      railties (>= 3.1)
    globalid (0.3.6)
      activesupport (>= 4.1.0)
    gmaps4rails (2.1.2)
    google-analytics-rails (0.0.6)
    guard (2.13.0)
      formatador (>= 0.2.4)
      listen (>= 2.7, <= 4.0)
      lumberjack (~> 1.0)
      nenv (~> 0.1)
      notiffany (~> 0.0)
      pry (>= 0.9.12)
      shellany (~> 0.0)
      thor (>= 0.18.1)
    guard-compat (1.2.1)
    guard-rspec (4.6.4)
      guard (~> 2.1)
      guard-compat (~> 1.1)
      rspec (>= 2.99.0, < 4.0)
    has_scope (0.6.0)
      actionpack (>= 3.2, < 5)
      activesupport (>= 3.2, < 5)
    hashie (3.4.3)
    high_voltage (2.2.1)
    hitimes (1.2.3)
    http-cookie (1.0.2)
      domain_name (~> 0.5)
    i18n (0.7.0)
    inherited_resources (1.6.0)
      actionpack (>= 3.2, < 5)
      has_scope (~> 0.6.0.rc)
      railties (>= 3.2, < 5)
      responders
    iso-iban (0.1.3)
    jquery-rails (4.0.5)
      rails-dom-testing (~> 1.0)
      railties (>= 4.2.0)
      thor (>= 0.14, < 2.0)
    jquery-ui-rails (5.0.5)
      railties (>= 3.2.16)
    json (1.8.3)
    jwt (1.5.2)
    kaminari (0.16.3)
      actionpack (>= 3.0.0)
      activesupport (>= 3.0.0)
    launchy (2.4.3)
      addressable (~> 2.3)
    letter_opener (1.4.1)
      launchy (~> 2.2)
    listen (3.0.5)
      rb-fsevent (>= 0.9.3)
      rb-inotify (>= 0.9)
    loofah (2.0.3)
      nokogiri (>= 1.5.9)
    lumberjack (1.0.9)
    mail (2.6.3)
      mime-types (>= 1.16, < 3)
    mangopay (3.0.19)
      multi_json (>= 1.7.7)
    mechanize (2.7.3)
      domain_name (~> 0.5, >= 0.5.1)
      http-cookie (~> 1.0)
      mime-types (~> 2.0)
      net-http-digest_auth (~> 1.1, >= 1.1.1)
      net-http-persistent (~> 2.5, >= 2.5.2)
      nokogiri (~> 1.4)
      ntlm-http (~> 0.1, >= 0.1.1)
      webrobots (>= 0.0.9, < 0.2)
    method_source (0.8.2)
    mime-types (2.6.2)
    mini_portile (0.6.2)
    minitest (5.8.3)
    momentjs-rails (2.10.6)
      railties (>= 3.1)
    multi_json (1.11.2)
    multi_xml (0.5.5)
    multipart-post (2.0.0)
    nenv (0.2.0)
    net-http-digest_auth (1.4)
    net-http-persistent (2.9.4)
    netrc (0.11.0)
    nokogiri (1.6.6.4)
      mini_portile (~> 0.6.0)
    notiffany (0.0.8)
      nenv (~> 0.1)
      shellany (~> 0.0)
    ntlm-http (0.1.1)
    oauth (0.4.7)
    oauth2 (1.0.0)
      faraday (>= 0.8, < 0.10)
      jwt (~> 1.0)
      multi_json (~> 1.3)
      multi_xml (~> 0.5)
      rack (~> 1.2)
    omniauth (1.2.2)
      hashie (>= 1.2, < 4)
      rack (~> 1.0)
    omniauth-facebook (2.0.1)
      omniauth-oauth2 (~> 1.2)
    omniauth-oauth2 (1.4.0)
      oauth2 (~> 1.0)
      omniauth (~> 1.2)
    orm_adapter (0.5.0)
    paperclip (4.2.4)
      activemodel (>= 3.2.0)
      activesupport (>= 3.2.0)
      cocaine (~> 0.5.5)
      mime-types
    pg (0.18.4)
    pg_search (1.0.5)
      activerecord (>= 3.1)
      activesupport (>= 3.1)
      arel
    polyamorous (1.2.0)
      activerecord (>= 3.0)
    pry (0.10.3)
      coderay (~> 1.1.0)
      method_source (~> 0.8.1)
      slop (~> 3.4)
    pry-byebug (3.3.0)
      byebug (~> 8.0)
      pry (~> 0.10)
    pry-rails (0.3.4)
      pry (>= 0.9.10)
    puma (2.15.3)
    pundit (0.3.0)
      activesupport (>= 3.0.0)
    quiet_assets (1.1.0)
      railties (>= 3.1, < 5.0)
    rack (1.6.4)
    rack-protection (1.5.3)
      rack
    rack-test (0.6.3)
      rack (>= 1.0)
    rack-timeout (0.3.2)
    rails (4.2.5)
      actionmailer (= 4.2.5)
      actionpack (= 4.2.5)
      actionview (= 4.2.5)
      activejob (= 4.2.5)
      activemodel (= 4.2.5)
      activerecord (= 4.2.5)
      activesupport (= 4.2.5)
      bundler (>= 1.3.0, < 2.0)
      railties (= 4.2.5)
      sprockets-rails
    rails-assets-underscore (1.8.3)
    rails-deprecated_sanitizer (1.0.3)
      activesupport (>= 4.2.0.alpha)
    rails-dom-testing (1.0.7)
      activesupport (>= 4.2.0.beta, < 5.0)
      nokogiri (~> 1.6.0)
      rails-deprecated_sanitizer (>= 1.0.1)
    rails-html-sanitizer (1.0.2)
      loofah (~> 2.0)
    rails-i18n (4.0.7)
      i18n (~> 0.7)
      railties (~> 4.0)
    rails_12factor (0.0.3)
      rails_serve_static_assets
      rails_stdout_logging
    rails_config (0.4.2)
      activesupport (>= 3.0)
    rails_serve_static_assets (0.0.4)
    rails_stdout_logging (0.0.4)
    railties (4.2.5)
      actionpack (= 4.2.5)
      activesupport (= 4.2.5)
      rake (>= 0.8.7)
      thor (>= 0.18.1, < 2.0)
    rake (10.4.2)
    ransack (1.7.0)
      actionpack (>= 3.0)
      activerecord (>= 3.0)
      activesupport (>= 3.0)
      i18n
      polyamorous (~> 1.2)
    rb-fsevent (0.9.6)
    rb-inotify (0.9.5)
      ffi (>= 0.5.0)
    redcarpet (3.3.3)
    redis (3.2.2)
    redis-namespace (1.5.2)
      redis (~> 3.0, >= 3.0.4)
    responders (2.1.0)
      railties (>= 4.2.0, < 5)
    rest-client (1.8.0)
      http-cookie (>= 1.0.2, < 2.0)
      mime-types (>= 1.16, < 3.0)
      netrc (~> 0.7)
    rspec (3.4.0)
      rspec-core (~> 3.4.0)
      rspec-expectations (~> 3.4.0)
      rspec-mocks (~> 3.4.0)
    rspec-core (3.4.1)
      rspec-support (~> 3.4.0)
    rspec-expectations (3.4.0)
      diff-lcs (>= 1.2.0, < 2.0)
      rspec-support (~> 3.4.0)
    rspec-mocks (3.4.0)
      diff-lcs (>= 1.2.0, < 2.0)
      rspec-support (~> 3.4.0)
    rspec-rails (3.4.0)
      actionpack (>= 3.0, < 4.3)
      activesupport (>= 3.0, < 4.3)
      railties (>= 3.0, < 4.3)
      rspec-core (~> 3.4.0)
      rspec-expectations (~> 3.4.0)
      rspec-mocks (~> 3.4.0)
      rspec-support (~> 3.4.0)
    rspec-support (3.4.0)
    ruby-trello (1.3.0)
      activemodel (>= 3.2.0)
      addressable (~> 2.3)
      json
      oauth (~> 0.4.5)
      rest-client (~> 1.8.0)
    rubyzip (1.1.7)
    sass (3.4.19)
    sass-rails (5.0.4)
      railties (>= 4.0.0, < 5.0)
      sass (~> 3.1)
      sprockets (>= 2.8, < 4.0)
      sprockets-rails (>= 2.0, < 4.0)
      tilt (>= 1.1, < 3)
    selenium-webdriver (2.48.1)
      childprocess (~> 0.5)
      multi_json (~> 1.0)
      rubyzip (~> 1.0)
      websocket (~> 1.0)
    shellany (0.0.1)
    sidekiq (3.5.3)
      celluloid (~> 0.17.2)
      connection_pool (~> 2.2, >= 2.2.0)
      json (~> 1.0)
      redis (~> 3.2, >= 3.2.1)
      redis-namespace (~> 1.5, >= 1.5.2)
    simple_form (3.1.1)
      actionpack (~> 4.0)
      activemodel (~> 4.0)
    sinatra (1.4.6)
      rack (~> 1.4)
      rack-protection (~> 1.4)
      tilt (>= 1.3, < 3)
    slim (3.0.6)
      temple (~> 0.7.3)
      tilt (>= 1.3.3, < 2.1)
    slop (3.6.0)
    spring (1.4.4)
    sprockets (3.4.0)
      rack (> 1, < 3)
    sprockets-rails (2.3.3)
      actionpack (>= 3.0)
      activesupport (>= 3.0)
      sprockets (>= 2.8, < 4.0)
    temple (0.7.6)
    thor (0.19.1)
    thread_safe (0.3.5)
    tilt (2.0.1)
    timers (4.1.1)
      hitimes
    twilio-ruby (3.16.1)
      builder (>= 2.1.2)
      jwt (~> 1.0)
      multi_json (>= 1.3.0)
    tzinfo (1.2.2)
      thread_safe (~> 0.1)
    uglifier (2.7.2)
      execjs (>= 0.3.0)
      json (>= 1.8.0)
    unf (0.1.4)
      unf_ext
    unf_ext (0.0.7.1)
    unicode_utils (1.4.0)
    warden (1.2.3)
      rack (>= 1.0)
    watir (5.0.0)
      commonwatir (~> 4)
      watir-webdriver
    watir-rails (1.1.0)
      rack
      rails
      watir (~> 5.0)
    watir-webdriver (0.9.1)
      selenium-webdriver (>= 2.46.2)
    webrobots (0.1.1)
    websocket (1.2.2)
    xpath (2.0.0)
      nokogiri (~> 1.3)

PLATFORMS
  ruby

DEPENDENCIES
  activeadmin!
  annotate
  appsignal (~> 0.12.rc)
  aws-sdk (< 2.0)
  better_errors
  binding_of_caller
  bootstrap-datepicker-rails (~> 1.4.0)
  bootstrap-sass (~> 3.3.3)
  bootstrap-switch-rails
  capybara
  country_select (~> 2.1.1)
  devise (~> 3.4.1)
  devise-i18n (~> 0.11.3)
  devise-i18n-views (~> 0.3.4)
  devise_invitable (~> 1.3.4)
  enumerize (~> 0.10.0)
  factory_girl_rails
  faker
  figaro (~> 1.1.0)
  font-awesome-sass (~> 4.3.1)
  fullcalendar-rails (~> 2.3.1.0)
  geocoder (~> 1.2.7)
  geocomplete_rails (~> 1.6.5)
  gmaps4rails (~> 2.1.2)
  google-analytics-rails
  guard-rspec
  high_voltage (~> 2.2.1)
  iso-iban
  jquery-rails (~> 4.0.3)
  launchy
  letter_opener
  mangopay (~> 3.0.18)
  mechanize (~> 2.7.3)
  momentjs-rails (~> 2.10.3)
  omniauth-facebook (~> 2.0.0)
  paperclip (~> 4.2.1)
  pg (~> 0.18.1)
  pg_search (~> 1.0.5)
  pry-byebug
  pry-rails
  puma
  pundit (~> 0.3.0)
  quiet_assets
  rack-timeout
  rails (~> 4.2.3)
  rails-assets-underscore!
  rails-i18n (~> 4.0.3)
  rails_12factor
  rails_config (~> 0.4.2)
  redcarpet (~> 3.3.1)
  rspec-rails
  ruby-trello
  sass-rails (~> 5.0)
  sidekiq (~> 3.5.3)
  simple_form (~> 3.1.0)
  sinatra
  slim (~> 3.0.6)
  spring
  twilio-ruby (~> 3.12)
  uglifier (~> 2.7.0)
  unicode_utils (~> 1.4.0)
  watir-rails (~> 1.1.0)

BUNDLED WITH
   1.10.6
